GEM
  remote: http://rubygems.org/
  specs:
    blankslate (2.1.2.4)
    diff-lcs (1.1.3)
    multi_json (1.0.3)
    parslet (1.2.3)
      blankslate (~> 2.0)
    rake (0.9.2)
    rspec (2.6.0)
      rspec-core (~> 2.6.0)
      rspec-expectations (~> 2.6.0)
      rspec-mocks (~> 2.6.0)
    rspec-core (2.6.4)
    rspec-expectations (2.6.0)
      diff-lcs (~> 1.1.2)
    rspec-mocks (2.6.0)
    simplecov (0.5.3)
      multi_json (~> 1.0.3)
      simplecov-html (~> 0.5.3)
    simplecov-html (0.5.3)
    simplecov-rcov (0.2.3)
      simplecov (>= 0.4.1)

PLATFORMS
  ruby

DEPENDENCIES
  parslet (~> 1.2.3)
  rake
  rspec
  simplecov (>= 0.4.0)
  simplecov-rcov
