GIT
  remote: git://github.com/kschiess/parslet.git
  revision: 531591923fa021d7ee0e22bf8c0db59e88f57f7c
  specs:
    parslet (1.2.2)
      blankslate (~> 2.0)

GEM
  remote: http://rubygems.org/
  specs:
    blankslate (2.1.2.4)
    diff-lcs (1.1.3)
    ffi (1.0.9)
    multi_json (1.0.3)
    rake (0.9.2)
    rspec (2.6.0)
      rspec-core (~> 2.6.0)
      rspec-expectations (~> 2.6.0)
      rspec-mocks (~> 2.6.0)
    rspec-core (2.6.4)
    rspec-expectations (2.6.0)
      diff-lcs (~> 1.1.2)
    rspec-mocks (2.6.0)
    ruby-llvm (2.9.1)
      ffi (>= 1.0.0)
    simplecov (0.5.3)
      multi_json (~> 1.0.3)
      simplecov-html (~> 0.5.3)
    simplecov-html (0.5.3)
    simplecov-rcov (0.2.3)
      simplecov (>= 0.4.1)

PLATFORMS
  ruby

DEPENDENCIES
  parslet!
  rake
  rspec
  ruby-llvm (~> 2.9.1)
  simplecov (>= 0.4.0)
  simplecov-rcov
